GEM
  remote: https://rubygems.org/
  specs:

PLATFORMS
  arm64-darwin-21
  ruby

DEPENDENCIES

BUNDLED WITH
   2.5.17
